GEM
  remote: https://rubygems.org/
  specs:
    activemodel (7.0.3)
      activesupport (= 7.0.3)
    activerecord (7.0.3)
      activemodel (= 7.0.3)
      activesupport (= 7.0.3)
    activesupport (7.0.3)
      concurrent-ruby (~> 1.0, >= 1.0.2)
      i18n (>= 1.6, < 2)
      minitest (>= 5.1)
      tzinfo (~> 2.0)
    async (1.30.2)
      console (~> 1.10)
      nio4r (~> 2.3)
      timers (~> 4.1)
    async-container (0.16.12)
      async
      async-io
    async-http (0.56.6)
      async (>= 1.25)
      async-io (>= 1.28)
      async-pool (>= 0.2)
      protocol-http (~> 0.22.0)
      protocol-http1 (~> 0.14.0)
      protocol-http2 (~> 0.14.0)
      traces (~> 0.4.0)
    async-http-cache (0.4.2)
      async-http (~> 0.56)
    async-io (1.33.0)
      async
    async-pool (0.3.10)
      async (>= 1.25)
    bcrypt (3.1.17)
    build-environment (1.13.0)
    concurrent-ruby (1.1.10)
    console (1.15.0)
      fiber-local
    falcon (0.39.2)
      async
      async-container (~> 0.16.0)
      async-http (~> 0.56.0)
      async-http-cache (~> 0.4.0)
      async-io (~> 1.22)
      build-environment (~> 1.13)
      bundler
      localhost (~> 1.1)
      process-metrics (~> 0.2.0)
      rack (>= 1.0)
      samovar (~> 2.1)
    fiber-local (1.0.0)
    i18n (1.10.0)
      concurrent-ruby (~> 1.0)
    localhost (1.1.9)
    mapping (1.1.1)
    minitest (5.15.0)
    mustermann (1.1.1)
      ruby2_keywords (~> 0.0.1)
    nio4r (2.5.8)
    pg (1.3.5)
    pg (1.3.5-x64-mingw-ucrt)
    process-metrics (0.2.1)
      console (~> 1.8)
      samovar (~> 2.1)
    protocol-hpack (1.4.2)
    protocol-http (0.22.6)
    protocol-http1 (0.14.4)
      protocol-http (~> 0.22)
    protocol-http2 (0.14.2)
      protocol-hpack (~> 1.4)
      protocol-http (~> 0.18)
    puma (5.6.4)
      nio4r (~> 2.0)
    rack (2.2.3)
    rack-protection (2.2.0)
      rack
    rack_csrf (2.6.0)
      rack (>= 1.1.0)
    rake (13.0.6)
    require_all (3.0.0)
    ruby2_keywords (0.0.5)
    samovar (2.1.4)
      console (~> 1.0)
      mapping (~> 1.0)
    sinatra (2.2.0)
      mustermann (~> 1.0)
      rack (~> 2.2)
      rack-protection (= 2.2.0)
      tilt (~> 2.0)
    sinatra-activerecord (2.0.25)
      activerecord (>= 4.1)
      sinatra (>= 1.0)
    sinatra-flash (0.3.0)
      sinatra (>= 1.0.0)
    stamp (0.6.0)
    tilt (2.0.10)
    timers (4.3.3)
    traces (0.4.1)
    tzinfo (2.0.4)
      concurrent-ruby (~> 1.0)
    validation_rules (1.0.5)
    webrick (1.7.0)

PLATFORMS
  x64-mingw-ucrt
  x86_64-linux

DEPENDENCIES
  bcrypt
  falcon
  pg
  puma
  rack_csrf (~> 2.6)
  rake
  require_all
  sinatra
  sinatra-activerecord
  sinatra-flash (~> 0.3.0)
  stamp (~> 0.6.0)
  validation_rules (~> 1.0.5)
  webrick

BUNDLED WITH
   2.3.13
